GEM
  remote: http://rubygems.org/
  specs:
    actionmailer (3.2.22)
      actionpack (= 3.2.22)
      mail (~> 2.5.4)
    actionpack (3.2.22)
      activemodel (= 3.2.22)
      activesupport (= 3.2.22)
      builder (~> 3.0.0)
      erubis (~> 2.7.0)
      journey (~> 1.0.4)
      rack (~> 1.4.5)
      rack-cache (~> 1.2)
      rack-test (~> 0.6.1)
      sprockets (~> 2.2.1)
    activemodel (3.2.22)
      activesupport (= 3.2.22)
      builder (~> 3.0.0)
    activerecord (3.2.22)
      activemodel (= 3.2.22)
      activesupport (= 3.2.22)
      arel (~> 3.0.2)
      tzinfo (~> 0.3.29)
    activeresource (3.2.22)
      activemodel (= 3.2.22)
      activesupport (= 3.2.22)
    activesupport (3.2.22)
      i18n (~> 0.6, >= 0.6.4)
      multi_json (~> 1.0)
    ajax_pagination (0.6.5)
      jquery-historyjs
      jquery-rails (>= 1.0.17)
      rails (~> 3.0)
    arel (3.0.3)
    barby (0.6.2)
    bcrypt (3.1.10)
    bootstrap-will_paginate (0.0.10)
      will_paginate
    brI18n (3.1.0)
      actionpack (>= 3.0.0)
      activerecord (>= 3.0.0)
      activesupport (>= 3.0.0)
    brazilian-rails (3.1.0)
      brI18n (= 3.1.0)
      brcep (= 3.1.0)
      brcpfcnpj (= 3.1.0)
      brdata (= 3.1.0)
      brdinheiro (= 3.1.0)
      brhelper (= 3.1.0)
      brnumeros (= 3.1.0)
      brstring (= 3.1.0)
    brcep (3.1.0)
    brcpfcnpj (3.1.0)
      actionpack (>= 3.0.0)
      activesupport (>= 3.0.0)
    brdata (3.1.0)
      actionpack (>= 3.0.0)
      activesupport (>= 3.0.0)
    brdinheiro (3.1.0)
      actionpack (>= 3.0.0)
      activerecord (>= 3.0.0)
      brnumeros (= 3.1.0)
    brhelper (3.1.0)
      actionpack (>= 3.0.0)
      activesupport (>= 3.0.0)
    brnumeros (3.1.0)
    brstring (3.1.0)
      activesupport (>= 3.0.0)
    builder (3.0.4)
    calendar_date_select (2.1.2)
      rails (>= 3.1)
    cancan (1.6.10)
    carrierwave (0.10.0)
      activemodel (>= 3.2.0)
      activesupport (>= 3.2.0)
      json (>= 1.7)
      mime-types (>= 1.16)
    carrierwave-postgresql (0.1.5)
      carrierwave
    chunky_png (1.3.5)
    climate_control (0.0.3)
      activesupport (>= 3.0)
    cocaine (0.5.8)
      climate_control (>= 0.0.3, < 1.0)
    cocoon (1.2.6)
    color (1.8)
    combine_pdf (0.2.14)
      ruby-rc4 (>= 0.1.5)
    commonjs (0.2.7)
    daemons (1.2.3)
    devise (3.5.4)
      bcrypt (~> 3.0)
      orm_adapter (~> 0.1)
      railties (>= 3.2.6, < 5)
      responders
      thread_safe (~> 0.1)
      warden (~> 1.2.3)
    devise-bootstrap-views (0.0.7)
    erubis (2.7.0)
    eventmachine (1.0.9.1)
    execjs (2.6.0)
    fastercsv (1.5.5)
    friendly_id (4.0.10.1)
      activerecord (>= 3.0, < 4.0)
    hike (1.2.3)
    i18n (0.7.0)
    iconv (1.0.4)
    journey (1.0.4)
    jquery-historyjs (0.3.0)
      railties (>= 3.0)
      thor (>= 0.14)
    jquery-rails (3.1.4)
      railties (>= 3.0, < 5.0)
      thor (>= 0.14, < 2.0)
    json (1.8.3)
    kaminari (0.16.3)
      actionpack (>= 3.0.0)
      activesupport (>= 3.0.0)
    less (2.6.0)
      commonjs (~> 0.2.7)
    less-rails (2.6.0)
      actionpack (>= 3.1)
      less (~> 2.6.0)
    libv8 (3.16.14.13)
    liquid (3.0.6)
    mail (2.5.4)
      mime-types (~> 1.16)
      treetop (~> 1.4.8)
    mime-types (1.25.1)
    mimemagic (0.3.0)
    mini_magick (4.3.6)
    mini_portile2 (2.0.0)
    multi_json (1.11.2)
    nested_form (0.3.2)
    nokogiri (1.6.7.2)
      mini_portile2 (~> 2.0.0.rc2)
    odf-report (0.5.1)
      nokogiri (>= 1.5.0)
      rubyzip (~> 1.1.0)
    orm_adapter (0.5.0)
    paperclip (4.3.2)
      activemodel (>= 3.2.0)
      activesupport (>= 3.2.0)
      cocaine (~> 0.5.5)
      mime-types
      mimemagic (= 0.3.0)
    pdf-writer (1.1.8)
      color (>= 1.4.0)
      transaction-simple (~> 1.3)
    pg (0.18.4)
    polyamorous (1.3.0)
      activerecord (>= 3.0)
    polyglot (0.3.5)
    puma (2.7.1)
      rack (>= 1.1, < 2.0)
    rack (1.4.7)
    rack-cache (1.5.1)
      rack (>= 0.4)
    rack-ssl (1.3.4)
      rack
    rack-test (0.6.3)
      rack (>= 1.0)
    railroady (1.4.2)
    rails (3.2.22)
      actionmailer (= 3.2.22)
      actionpack (= 3.2.22)
      activerecord (= 3.2.22)
      activeresource (= 3.2.22)
      activesupport (= 3.2.22)
      bundler (~> 1.0)
      railties (= 3.2.22)
    rails-jquery-autocomplete (1.0.3)
      rails (>= 3.2)
    railties (3.2.22)
      actionpack (= 3.2.22)
      activesupport (= 3.2.22)
      rack-ssl (~> 1.3.2)
      rdoc (~> 3.4)
      thor (>= 0.14.6, < 2.0)
    rake (11.1.2)
    ransack (1.7.0)
      actionpack (>= 3.0)
      activerecord (>= 3.0)
      activesupport (>= 3.0)
      i18n
      polyamorous (~> 1.2)
    rchardet (1.6.1)
    rdoc (3.12.2)
      json (~> 1.4)
    ref (2.0.0)
    responders (1.1.2)
      railties (>= 3.2, < 4.2)
    ruby-ole (1.2.12)
    ruby-rc4 (0.1.5)
    rubyXL (3.3.17)
      nokogiri (>= 1.4.4)
      rubyzip (>= 1.1.6)
    rubyzip (1.1.7)
    rufus-scheduler (3.2.0)
    ruport (1.6.3)
      fastercsv
      pdf-writer (= 1.1.8)
    secure_headers (2.5.1)
      user_agent_parser
    select2-rails (4.0.2)
      thor (~> 0.14)
    serenity-odt (0.2.0)
      rubyzip (>= 0.9.1)
    simple_enum (1.6.9)
      activesupport (>= 3.0.0)
    simple_form (2.1.3)
      actionpack (~> 3.0)
      activemodel (~> 3.0)
    spreadsheet (1.1.1)
      ruby-ole (>= 1.0)
    sprockets (2.2.3)
      hike (~> 1.2)
      multi_json (~> 1.0)
      rack (~> 1.0)
      tilt (~> 1.1, != 1.3.0)
    state_machine (1.2.0)
    statistics (1.0.0)
    therubyracer (0.12.2)
      libv8 (~> 3.16.14.0)
      ref
    thin (1.6.4)
      daemons (~> 1.0, >= 1.0.9)
      eventmachine (~> 1.0, >= 1.0.4)
      rack (~> 1.0)
    thor (0.19.1)
    thread_safe (0.3.5)
    tilt (1.4.1)
    timeliness (0.3.8)
    transaction-simple (1.4.0.2)
    treetop (1.4.15)
      polyglot
      polyglot (>= 0.3.1)
    twitter-bootstrap-rails (3.2.2)
      actionpack (>= 3.1)
      execjs (>= 2.2.2, >= 2.2)
      less-rails (>= 2.5.0)
      railties (>= 3.1)
    tzinfo (0.3.46)
    user_agent_parser (2.3.0)
    validates_existence (0.9.2)
      activerecord
    validates_timeliness (3.0.14)
      timeliness (~> 0.3.6)
    warden (1.2.4)
      rack (>= 1.0)
    wicked (1.2.1)
      railties (>= 3.0.7)
    wicked_pdf (1.0.3)
    will_paginate (3.1.0)
    wkhtmltopdf (0.1.2)
    workbook (0.4.3)
      nokogiri
      rake
      rchardet (~> 1.3)
      rubyXL
      rubyzip
      spreadsheet (>= 0.7.5)

PLATFORMS
  ruby

DEPENDENCIES
  ajax_pagination
  barby
  bootstrap-will_paginate (= 0.0.10)
  brazilian-rails (= 3.1.0)
  calendar_date_select
  cancan
  carrierwave
  carrierwave-postgresql
  chunky_png
  cocoon
  combine_pdf
  devise
  devise-bootstrap-views
  friendly_id
  iconv
  jquery-historyjs
  jquery-rails
  kaminari
  less-rails
  liquid
  mini_magick
  nested_form
  odf-report
  paperclip
  pg
  puma (= 2.7.1)
  railroady
  rails (= 3.2.22)
  rails-jquery-autocomplete
  ransack
  rufus-scheduler
  ruport
  secure_headers
  select2-rails (~> 4.0, >= 4.0.1.1)
  serenity-odt (= 0.2.0)
  simple_enum (= 1.6.9)
  simple_form
  state_machine
  statistics
  therubyracer
  thin
  thor
  twitter-bootstrap-rails
  validates_existence (>= 0.4)
  validates_timeliness (= 3.0.14)
  wicked
  wicked_pdf
  will_paginate
  wkhtmltopdf (~> 0.1.2)
  workbook

BUNDLED WITH
   1.12.3
