GIT
  remote: https://github.com/rails/prototype_legacy_helper.git
  revision: a2cd95c3e3c1a4f7a9566efdab5ce59c886cb05f
  specs:
    prototype_legacy_helper (0.0.0)

GEM
  remote: http://rubygems.org/
  specs:
    actionmailer (3.2.22)
      actionpack (= 3.2.22)
      mail (~> 2.5.4)
    actionpack (3.2.22)
      activemodel (= 3.2.22)
      activesupport (= 3.2.22)
      builder (~> 3.0.0)
      erubis (~> 2.7.0)
      journey (~> 1.0.4)
      rack (~> 1.4.5)
      rack-cache (~> 1.2)
      rack-test (~> 0.6.1)
      sprockets (~> 2.2.1)
    activemodel (3.2.22)
      activesupport (= 3.2.22)
      builder (~> 3.0.0)
    activerecord (3.2.22)
      activemodel (= 3.2.22)
      activesupport (= 3.2.22)
      arel (~> 3.0.2)
      tzinfo (~> 0.3.29)
    activeresource (3.2.22)
      activemodel (= 3.2.22)
      activesupport (= 3.2.22)
    activesupport (3.2.22)
      i18n (~> 0.6, >= 0.6.4)
      multi_json (~> 1.0)
    acts-as-taggable-on (2.2.2)
      rails (~> 3.0)
    ajax_pagination (0.6.5)
      jquery-historyjs
      jquery-rails (>= 1.0.17)
      rails (~> 3.0)
    arel (3.0.3)
    barby (0.6.2)
    bcrypt (3.1.10)
    bcrypt-ruby (3.1.5)
      bcrypt (>= 3.1.3)
    brI18n (3.1.0)
      actionpack (>= 3.0.0)
      activerecord (>= 3.0.0)
      activesupport (>= 3.0.0)
    brazilian-rails (3.1.0)
      brI18n (= 3.1.0)
      brcep (= 3.1.0)
      brcpfcnpj (= 3.1.0)
      brdata (= 3.1.0)
      brdinheiro (= 3.1.0)
      brhelper (= 3.1.0)
      brnumeros (= 3.1.0)
      brstring (= 3.1.0)
    brcep (3.1.0)
    brcpfcnpj (3.1.0)
      actionpack (>= 3.0.0)
      activesupport (>= 3.0.0)
    brdata (3.1.0)
      actionpack (>= 3.0.0)
      activesupport (>= 3.0.0)
    brdinheiro (3.1.0)
      actionpack (>= 3.0.0)
      activerecord (>= 3.0.0)
      brnumeros (= 3.1.0)
    brhelper (3.1.0)
      actionpack (>= 3.0.0)
      activesupport (>= 3.0.0)
    brnumeros (3.1.0)
    brstring (3.1.0)
      activesupport (>= 3.0.0)
    builder (3.0.4)
    calendar_date_select (2.1.2)
      rails (>= 3.1)
    cancan (1.6.10)
    capistrano (2.15.5)
      highline
      net-scp (>= 1.0.0)
      net-sftp (>= 2.0.0)
      net-ssh (>= 2.0.14)
      net-ssh-gateway (>= 1.1.0)
    carrierwave (0.5.8)
      activesupport (~> 3.0)
    carrierwave-postgresql (0.1.4)
      carrierwave
    chunky_png (1.3.4)
    climate_control (0.0.3)
      activesupport (>= 3.0)
    cocaine (0.5.7)
      climate_control (>= 0.0.3, < 1.0)
    cocoon (1.2.6)
    color (1.7.1)
    combine_pdf (0.2.5)
      ruby-rc4 (>= 0.1.5)
    commonjs (0.2.7)
    daemons (1.2.2)
    devise (1.5.4)
      bcrypt-ruby (~> 3.0)
      orm_adapter (~> 0.0.3)
      warden (~> 1.1)
    erubis (2.7.0)
    eventmachine (1.0.7)
    execjs (2.6.0)
    fastercsv (1.5.5)
    friendly_id (4.0.10.1)
      activerecord (>= 3.0, < 4.0)
    highline (1.7.2)
    hike (1.2.3)
    i18n (0.7.0)
    journey (1.0.4)
    jquery-historyjs (0.3.0)
      railties (>= 3.0)
      thor (>= 0.14)
    jquery-rails (3.1.4)
      railties (>= 3.0, < 5.0)
      thor (>= 0.14, < 2.0)
    json (1.8.3)
    kaminari (0.16.3)
      actionpack (>= 3.0.0)
      activesupport (>= 3.0.0)
    less (2.6.0)
      commonjs (~> 0.2.7)
    libv8 (3.16.14.13)
    liquid (3.0.2)
    mail (2.5.4)
      mime-types (~> 1.16)
      treetop (~> 1.4.8)
    mime-types (1.25.1)
    mini_magick (4.2.3)
    mini_portile (0.6.2)
    multi_json (1.11.2)
    net-scp (1.2.1)
      net-ssh (>= 2.6.5)
    net-sftp (2.1.2)
      net-ssh (>= 2.6.5)
    net-ssh (2.9.2)
    net-ssh-gateway (1.2.0)
      net-ssh (>= 2.6.5)
    nokogiri (1.6.6.2)
      mini_portile (~> 0.6.0)
    odf-report (0.5.1)
      nokogiri (>= 1.5.0)
      rubyzip (~> 1.1.0)
    orm_adapter (0.0.7)
    paperclip (4.2.1)
      activemodel (>= 3.0.0)
      activesupport (>= 3.0.0)
      cocaine (~> 0.5.3)
      mime-types
    pdf-writer (1.1.8)
      color (>= 1.4.0)
      transaction-simple (~> 1.3)
    pg (0.18.1)
    polyamorous (1.2.0)
      activerecord (>= 3.0)
    polyglot (0.3.5)
    prototype-rails (3.1.0)
      rails (~> 3.1)
    puma (2.7.1)
      rack (>= 1.1, < 2.0)
    rack (1.4.7)
    rack-cache (1.5.1)
      rack (>= 0.4)
    rack-ssl (1.3.4)
      rack
    rack-test (0.6.3)
      rack (>= 1.0)
    railroady (1.3.0)
    rails (3.2.22)
      actionmailer (= 3.2.22)
      actionpack (= 3.2.22)
      activerecord (= 3.2.22)
      activeresource (= 3.2.22)
      activesupport (= 3.2.22)
      bundler (~> 1.0)
      railties (= 3.2.22)
    rails3-jquery-autocomplete (1.0.14)
      rails (>= 3.0)
    railties (3.2.22)
      actionpack (= 3.2.22)
      activesupport (= 3.2.22)
      rack-ssl (~> 1.3.2)
      rake (>= 0.8.7)
      rdoc (~> 3.4)
      thor (>= 0.14.6, < 2.0)
    rake (0.9.6)
    ransack (1.7.0)
      actionpack (>= 3.0)
      activerecord (>= 3.0)
      activesupport (>= 3.0)
      i18n
      polyamorous (~> 1.2)
    rdoc (3.12.2)
      json (~> 1.4)
    ref (2.0.0)
    ruby-rc4 (0.1.5)
    rubyzip (1.1.7)
    rufus-scheduler (3.1.1)
    ruport (1.6.3)
      fastercsv
      pdf-writer (= 1.1.8)
    serenity-odt (0.2.0)
      rubyzip (>= 0.9.1)
    simple_form (2.1.3)
      actionpack (~> 3.0)
      activemodel (~> 3.0)
    sprockets (2.2.3)
      hike (~> 1.2)
      multi_json (~> 1.0)
      rack (~> 1.0)
      tilt (~> 1.1, != 1.3.0)
    statistics (1.0.0)
    therubyracer (0.12.2)
      libv8 (~> 3.16.14.0)
      ref
    thin (1.6.3)
      daemons (~> 1.0, >= 1.0.9)
      eventmachine (~> 1.0)
      rack (~> 1.0)
    thor (0.19.1)
    tilt (1.4.1)
    timeliness (0.3.7)
    transaction-simple (1.4.0.2)
    treetop (1.4.15)
      polyglot
      polyglot (>= 0.3.1)
    twitter-bootstrap-rails (2.2.8)
      actionpack (>= 3.1)
      execjs
      rails (>= 3.1)
      railties (>= 3.1)
    tzinfo (0.3.45)
    validates_existence (0.9.2)
      activerecord
    validates_timeliness (3.0.14)
      timeliness (~> 0.3.6)
    warden (1.2.3)
      rack (>= 1.0)
    wicked_pdf (1.0.0)
    will_paginate (3.0.7)
    wkhtmltopdf (0.1.2)

PLATFORMS
  ruby

DEPENDENCIES
  acts-as-taggable-on (~> 2.2.2)
  ajax_pagination
  barby
  brazilian-rails (= 3.1.0)
  calendar_date_select
  cancan
  capistrano
  carrierwave
  carrierwave-postgresql
  chunky_png
  cocoon
  combine_pdf
  devise
  friendly_id
  jquery-historyjs
  jquery-rails
  kaminari
  less
  liquid
  mini_magick
  odf-report
  paperclip
  pg
  prototype-rails
  prototype_legacy_helper (= 0.0.0)!
  puma (= 2.7.1)
  railroady
  rails (= 3.2.22)
  rails3-jquery-autocomplete
  rake (~> 0.9.2)
  ransack
  rufus-scheduler
  ruport
  serenity-odt (= 0.2.0)
  simple_form
  statistics
  therubyracer
  thin
  thor
  twitter-bootstrap-rails
  validates_existence (>= 0.4)
  validates_timeliness
  wicked_pdf
  will_paginate
  wkhtmltopdf (~> 0.1.2)

BUNDLED WITH
   1.10.6
