GEM
  remote: http://rubygems.org/
  specs:
    abstract (1.0.0)
    actionmailer (3.0.8)
      actionpack (= 3.0.8)
      mail (~> 2.2.19)
    actionpack (3.0.8)
      activemodel (= 3.0.8)
      activesupport (= 3.0.8)
      builder (~> 2.1.2)
      erubis (~> 2.6.6)
      i18n (~> 0.5.0)
      rack (~> 1.2.1)
      rack-mount (~> 0.6.14)
      rack-test (~> 0.5.7)
      tzinfo (~> 0.3.23)
    activemodel (3.0.8)
      activesupport (= 3.0.8)
      builder (~> 2.1.2)
      i18n (~> 0.5.0)
    activerecord (3.0.8)
      activemodel (= 3.0.8)
      activesupport (= 3.0.8)
      arel (~> 2.0.10)
      tzinfo (~> 0.3.23)
    activeresource (3.0.8)
      activemodel (= 3.0.8)
      activesupport (= 3.0.8)
    activesupport (3.0.8)
    acts-as-taggable-on (2.2.2)
      rails (~> 3.0)
    arel (2.0.10)
    barby (0.5.0)
    bcrypt-ruby (3.0.1)
    brI18n (3.0.4)
      actionpack (>= 3.0.0)
      activerecord (>= 3.0.0)
      activesupport (>= 3.0.0)
    brazilian-rails (3.0.4)
      brI18n (= 3.0.4)
      brcep (= 3.0.4)
      brcpfcnpj (= 3.0.4)
      brdata (= 3.0.4)
      brdinheiro (= 3.0.4)
      brhelper (= 3.0.4)
      brnumeros (= 3.0.4)
      brstring (= 3.0.4)
    brcep (3.0.4)
    brcpfcnpj (3.0.4)
      actionpack (>= 3.0.0)
      activesupport (>= 3.0.0)
    brdata (3.0.4)
      actionpack (>= 3.0.0)
      activesupport (>= 3.0.0)
    brdinheiro (3.0.4)
      actionpack (>= 3.0.0)
      activerecord (>= 3.0.0)
      brnumeros (= 3.0.4)
    brhelper (3.0.4)
      actionpack (>= 3.0.0)
      activesupport (>= 3.0.0)
    brnumeros (3.0.4)
    brstring (3.0.4)
      activesupport (>= 3.0.0)
    builder (2.1.2)
    capistrano (2.11.2)
      highline
      net-scp (>= 1.0.0)
      net-sftp (>= 2.0.0)
      net-ssh (>= 2.0.14)
      net-ssh-gateway (>= 1.1.0)
    carrierwave (0.5.8)
      activesupport (~> 3.0)
    cgi_multipart_eof_fix (2.5.0)
    cocaine (0.2.0)
    daemons (1.1.5)
    devise (1.5.2)
      bcrypt-ruby (~> 3.0)
      orm_adapter (~> 0.0.3)
      warden (~> 1.1)
    erubis (2.6.6)
      abstract (>= 1.0.0)
    excel_rails (0.3.0)
    fastthread (1.0.7)
    friendly_id (4.0.0)
    gem_plugin (0.2.3)
    highline (1.6.11)
    i18n (0.5.0)
    liquid (2.3.0)
    mail (2.2.19)
      activesupport (>= 2.3.6)
      i18n (>= 0.4.0)
      mime-types (~> 1.16)
      treetop (~> 1.4.8)
    mime-types (1.17.2)
    mini_magick (3.3)
      subexec (~> 0.1.0)
    mongrel (1.1.5)
      cgi_multipart_eof_fix (>= 2.4)
      daemons (>= 1.0.3)
      fastthread (>= 1.0.1)
      gem_plugin (>= 0.2.3)
    net-scp (1.0.4)
      net-ssh (>= 1.99.1)
    net-sftp (2.0.5)
      net-ssh (>= 2.0.9)
    net-ssh (2.3.0)
    net-ssh-gateway (1.1.0)
      net-ssh (>= 1.99.1)
    nokogiri (1.5.2)
    odf-report (0.4.4)
      nokogiri (~> 1.5.0)
      rubyzip (~> 0.9.4)
    orm_adapter (0.0.5)
    paperclip (2.7.0)
      activerecord (>= 2.3.0)
      activesupport (>= 2.3.2)
      cocaine (>= 0.0.2)
      mime-types
    pg (0.11.0)
    polyglot (0.3.3)
    postgres (0.7.9.2008.01.28)
    rack (1.2.4)
    rack-mount (0.6.14)
      rack (>= 1.0.0)
    rack-test (0.5.7)
      rack (>= 1.0)
    railroady (1.0.2)
    rails (3.0.8)
      actionmailer (= 3.0.8)
      actionpack (= 3.0.8)
      activerecord (= 3.0.8)
      activeresource (= 3.0.8)
      activesupport (= 3.0.8)
      bundler (~> 1.0)
      railties (= 3.0.8)
    railties (3.0.8)
      actionpack (= 3.0.8)
      activesupport (= 3.0.8)
      rake (>= 0.8.7)
      thor (~> 0.14.4)
    rake (0.9.2.2)
    rmagick (2.13.1)
    rubyzip (0.9.5)
    rufus-scheduler (2.0.13)
      tzinfo (>= 0.3.23)
    scoped-search (0.7.1)
    silent-postgres (0.1.1)
    statistics (1.0.0)
    subexec (0.1.0)
    thor (0.14.6)
    timeliness (0.3.6)
    treetop (1.4.10)
      polyglot
      polyglot (>= 0.3.1)
    tzinfo (0.3.31)
    validates_existence (0.7.0)
    validates_timeliness (3.0.11)
      timeliness (~> 0.3.6)
    warden (1.1.0)
      rack (>= 1.0)
    will_paginate (2.3.16)
    wkhtmltopdf (0.1.2)

PLATFORMS
  ruby

DEPENDENCIES
  acts-as-taggable-on (~> 2.2.2)
  barby
  brI18n
  brazilian-rails
  capistrano
  carrierwave
  devise
  excel_rails
  friendly_id
  liquid
  mini_magick
  mongrel
  odf-report
  paperclip
  pg
  postgres
  railroady
  rails (= 3.0.8)
  rake (~> 0.9.2)
  rmagick
  rufus-scheduler
  scoped-search
  silent-postgres
  statistics
  thor
  validates_existence (>= 0.4)
  validates_timeliness
  will_paginate (~> 2.3.5)
  wkhtmltopdf (~> 0.1.2)
